PATH
  remote: .
  specs:
    polylines (0.4.0)

GEM
  remote: http://rubygems.org/
  specs:
    diff-lcs (1.4.4)
    rake (10.0.2)
    rspec (3.10.0)
      rspec-core (~> 3.10.0)
      rspec-expectations (~> 3.10.0)
      rspec-mocks (~> 3.10.0)
    rspec-core (3.10.0)
      rspec-support (~> 3.10.0)
    rspec-expectations (3.10.0)
      diff-lcs (>= 1.2.0, < 2.0)
      rspec-support (~> 3.10.0)
    rspec-mocks (3.10.0)
      diff-lcs (>= 1.2.0, < 2.0)
      rspec-support (~> 3.10.0)
    rspec-support (3.10.0)

PLATFORMS
  ruby

DEPENDENCIES
  polylines!
  rake
  rspec (= 3.10.0)

BUNDLED WITH
   2.1.4
